GEM
  remote: https://rubygems.org/
  specs:
    activesupport (5.2.1)
      concurrent-ruby (~> 1.0, >= 1.0.2)
      i18n (>= 0.7, < 2)
      minitest (~> 5.1)
      tzinfo (~> 1.1)
    addressable (2.5.2)
      public_suffix (>= 2.0.2, < 4.0)
    backports (3.11.4)
    chronic (0.10.2)
    coderay (1.1.2)
    concurrent-ruby (1.0.5)
    daemons (1.2.6)
    dotenv (2.5.0)
    eventmachine (1.2.7)
    faraday (0.15.3)
      multipart-post (>= 1.2, < 3)
    ffi (1.9.25)
    i18n (1.1.0)
      concurrent-ruby (~> 1.0)
    listen (3.1.5)
      rb-fsevent (~> 0.9, >= 0.9.4)
      rb-inotify (~> 0.9, >= 0.9.7)
      ruby_dep (~> 1.2)
    method_source (0.8.2)
    minitest (5.11.3)
    multi_json (1.13.1)
    multipart-post (2.0.0)
    mustermann (1.0.3)
    octokit (4.12.0)
      sawyer (~> 0.8.0, >= 0.5.3)
    pry (0.10.4)
      coderay (~> 1.1.0)
      method_source (~> 0.8.1)
      slop (~> 3.4)
    pry-nav (0.2.4)
      pry (>= 0.9.10, < 0.11.0)
    pry-remote (0.1.8)
      pry (~> 0.9)
      slop (~> 3.0)
    public_suffix (3.0.3)
    rack (2.0.5)
    rack-protection (2.0.4)
      rack
    rb-fsevent (0.10.3)
    rb-inotify (0.9.10)
      ffi (>= 0.5.0, < 2)
    require_all (2.0.0)
    rerun (0.13.0)
      listen (~> 3.0)
    ruby_dep (1.5.0)
    sawyer (0.8.1)
      addressable (>= 2.3.5, < 2.6)
      faraday (~> 0.8, < 1.0)
    shotgun (0.9.2)
      rack (>= 1.0)
    sinatra (2.0.4)
      mustermann (~> 1.0)
      rack (~> 2.0)
      rack-protection (= 2.0.4)
      tilt (~> 2.0)
    sinatra-contrib (2.0.4)
      activesupport (>= 4.0.0)
      backports (>= 2.8.2)
      multi_json
      mustermann (~> 1.0)
      rack-protection (= 2.0.4)
      sinatra (= 2.0.4)
      tilt (>= 1.3, < 3)
    sinatra-reloader (1.0)
      sinatra-contrib
    slop (3.6.0)
    thin (1.7.2)
      daemons (~> 1.0, >= 1.0.9)
      eventmachine (~> 1.0, >= 1.0.4)
      rack (>= 1, < 3)
    thread_safe (0.3.6)
    tilt (2.0.8)
    tzinfo (1.2.5)
      thread_safe (~> 0.1)

PLATFORMS
  ruby

DEPENDENCIES
  chronic
  dotenv
  octokit
  pry
  pry-nav
  pry-remote
  require_all
  rerun
  shotgun
  sinatra
  sinatra-reloader
  thin

BUNDLED WITH
   1.16.3
